GIT
  remote: https://github.com/emberjs/docs-generator.git
  revision: cfbc2a3aabc08de305224b290ad8f37f3ef5f847
  specs:
    ember-docs (0.1)
      rack
      thor

GIT
  remote: https://github.com/lautis/uglifier.git
  revision: c6f43fea293165e4bcb1f999c02a8809ce7aa866
  specs:
    uglifier (1.2.5)
      execjs (>= 0.3.0)
      multi_json (~> 1.3)

GIT
  remote: https://github.com/livingsocial/rake-pipeline.git
  revision: 543f4322fe70facee9572d29ddabf7f090dad68a
  specs:
    rake-pipeline (0.6.0)
      rake (~> 0.9.0)
      thor

GIT
  remote: https://github.com/wycats/rake-pipeline-web-filters.git
  revision: 81a22fb0808dfdeab8ed92d5d8c898ad198b9938
  specs:
    rake-pipeline-web-filters (0.6.0)
      rack
      rake-pipeline (~> 0.6)

GEM
  specs:
    execjs (1.3.2)
      multi_json (~> 1.0)
    multi_json (1.3.4)
    rack (1.4.1)
    rake (0.9.2.2)
    thor (0.14.6)

PLATFORMS
  ruby

DEPENDENCIES
  ember-docs!
  rake-pipeline!
  rake-pipeline-web-filters!
  uglifier!
